GEM
  remote: https://rubygems.org/
  specs:
    mqtt (0.4.0)
    rake (10.4.2)

PLATFORMS
  ruby

DEPENDENCIES
  bundler (>= 1.5.0)
  mqtt (>= 0.4.0)
  rake (>= 0.10.0)
